PATH
  remote: .
  specs:
    ruboto (2.0.0.dev)
      main (~> 5.2)
      net-telnet (~> 0.1.1)
      rake (>= 11.3, < 13)
      rubyzip (~> 1.0)

GEM
  remote: http://rubygems.org/
  specs:
    arrayfields (4.9.2)
    ast (2.4.0)
    chronic (0.10.2)
    coderay (1.1.2)
    fattr (2.4.0)
    main (5.3.2)
      arrayfields (>= 4.7.4)
      chronic (>= 0.6.2)
      fattr (>= 2.2.0)
      map (>= 5.1.0)
      pry (>= 0.9)
    map (6.6.0)
    method_source (0.9.2)
    minitest (5.11.3)
    net-telnet (0.1.1)
    parallel (1.12.1)
    parser (2.5.1.0)
      ast (~> 2.4.0)
    powerpack (0.1.1)
    pry (0.12.2)
      coderay (~> 1.1.0)
      method_source (~> 0.9.0)
    rainbow (3.0.0)
    rake (12.3.3)
    rubocop (0.54.0)
      parallel (~> 1.10)
      parser (>= 2.5)
      powerpack (~> 0.1)
      rainbow (>= 2.2.2, < 4.0)
      ruby-progressbar (~> 1.7)
      unicode-display_width (~> 1.0, >= 1.0.1)
    ruby-progressbar (1.9.0)
    rubyzip (1.3.0)
    unicode-display_width (1.3.2)

PLATFORMS
  ruby

DEPENDENCIES
  minitest (~> 5.5)
  rubocop (~> 0.54.0)
  ruboto!

BUNDLED WITH
   1.17.2
